GEM
  remote: https://rubygems.org/
  specs:
    activesupport (4.2.10)
      i18n (~> 0.7)
      minitest (~> 5.1)
      thread_safe (~> 0.3, >= 0.3.4)
      tzinfo (~> 1.1)
    artemis-bot (0.1.2)
      activesupport (~> 4.0)
      httmultiparty (~> 0.3.16)
      httparty (~> 0.14.0)
      olimpo (~> 0.1.0)
    awesome_print (1.8.0)
    coderay (1.1.2)
    concurrent-ruby (1.0.5)
    httmultiparty (0.3.16)
      httparty (>= 0.7.3)
      mimemagic
      multipart-post
    httparty (0.14.0)
      multi_xml (>= 0.5.2)
    i18n (0.9.1)
      concurrent-ruby (~> 1.0)
    method_source (0.9.0)
    mimemagic (0.3.2)
    minitest (5.10.3)
    multi_xml (0.6.0)
    multipart-post (2.0.0)
    olimpo (0.1.0)
      activesupport (~> 4.0)
      httmultiparty (~> 0.3.16)
      httparty (~> 0.14.0)
    pry (0.11.3)
      coderay (~> 1.1.0)
      method_source (~> 0.9.0)
    thread_safe (0.3.6)
    tzinfo (1.2.4)
      thread_safe (~> 0.1)

PLATFORMS
  ruby

DEPENDENCIES
  artemis-bot
  awesome_print
  pry

BUNDLED WITH
   1.16.1
